{
  "TaskName": "rest",
  "TaskDescription": "Alternating 1-minute eyes-open and eyes-closed resting blocks (EO-EC-EO-EC), 4 minutes total. Transitions signaled by auditory beep.",
  "InstitutionName": "University of Alberta",
  "InstitutionAddress": "Edmonton, AB, Canada",
  "Manufacturer": "Magstim EGI (Electrical Geodesics Inc.), Welcony",
  "ManufacturersModelName": "Net Amps 300",
  "CapManufacturer": "Electrical Geodesics Inc.",
  "CapManufacturersModelName": "HydroCel Geodesic Sensor Net 256",
  "EEGChannelCount": 256,
  "EOGChannelCount": 0,
  "ECGChannelCount": 0,
  "EMGChannelCount": 0,
  "MISCChannelCount": 0,
  "TriggerChannelCount": 0,
  "PowerLineFrequency": 60,
  "EEGPlacementScheme": "HydroCel Geodesic Sensor Net 256",
  "EEGReference": "Cz",
  "SamplingFrequency": 500,
  "SoftwareFilters": "n/a",
  "RecordingDuration": 280.812,
  "SoftwareVersions": "n/a",
  "DeviceSerialNumber": "n/a",
  "Instructions": "Next, we want to record brain activity during your resting state. First, you will see a cross on the screen. Please keep your eyes open while the cross is on the screen (1 minute). You can blink your eyes during this period, but try to remain still and relaxed. After the cross disappears, please close your eyes and keep them closed before you hear a beep (1 minute). Again, try to remain still and relaxed. You will do 2 rounds of the eyes open/eyes closed states.",
  "InstitutionalDepartmentName": "Department of Psychology and Neuroscience and Mental Health Institute, University of Alberta",
  "EEGGround": "Cz",
  "SubjectArtefactDescription": "n/a",
  "CogAtlasID": "https://www.cognitiveatlas.org/task/id/trm_4c8a834779883",
  "StimulusPresentation": {
    "OperatingSystem": "n/a",
    "SoftwareName": "Net Station",
    "SoftwareVersion": "n/a"
  },
  "RecordingType": "continuous"
}
